PATH
  remote: .
  specs:
    aspnet_password_hasher (1.0.0)

GEM
  remote: https://rubygems.org/
  specs:
    ast (2.4.2)
    binding_ninja (0.2.3)
    coderay (1.1.3)
    diff-lcs (1.4.4)
    docile (1.4.0)
    parser (3.0.2.0)
      ast (~> 2.4.1)
    proc_to_ast (0.1.0)
      coderay
      parser
      unparser
    rake (13.0.6)
    rspec (3.10.0)
      rspec-core (~> 3.10.0)
      rspec-expectations (~> 3.10.0)
      rspec-mocks (~> 3.10.0)
    rspec-core (3.10.1)
      rspec-support (~> 3.10.0)
    rspec-expectations (3.10.1)
      diff-lcs (>= 1.2.0, < 2.0)
      rspec-support (~> 3.10.0)
    rspec-mocks (3.10.2)
      diff-lcs (>= 1.2.0, < 2.0)
      rspec-support (~> 3.10.0)
    rspec-parameterized (0.5.0)
      binding_ninja (>= 0.2.3)
      parser
      proc_to_ast
      rspec (>= 2.13, < 4)
      unparser
    rspec-support (3.10.2)
    simplecov (0.21.2)
      docile (~> 1.1)
      simplecov-html (~> 0.11)
      simplecov_json_formatter (~> 0.1)
    simplecov-erb (1.0.0)
      simplecov
    simplecov-html (0.12.3)
    simplecov_json_formatter (0.1.3)
    unparser (0.6.0)
      diff-lcs (~> 1.3)
      parser (>= 3.0.0)

PLATFORMS
  x86_64-linux

DEPENDENCIES
  aspnet_password_hasher!
  rake
  rspec
  rspec-parameterized
  simplecov
  simplecov-erb

BUNDLED WITH
   2.2.15
